PATH
  remote: .
  specs:
    lrd-pivotal-tracker (0.5.14)
      builder
      crack
      happymapper (>= 0.3.2)
      nokogiri (>= 1.4.3)
      nokogiri (>= 1.5.5)
      nokogiri-happymapper (>= 0.5.4)
      rest-client (~> 1.6.0)

GEM
  remote: http://rubygems.org/
  specs:
    builder (3.2.2)
    calibrate (0.0.1)
    caliph (0.3.1)
    corundum (0.6.0)
      bundler
      caliph (~> 0.3)
      mattock (~> 0.9)
      paint (~> 0.8.7)
      rspec (>= 2.0)
      simplecov (>= 0.5.4)
      simplecov-json (>= 0.2)
    crack (0.4.2)
      safe_yaml (~> 1.0.0)
    diff-lcs (1.1.3)
    docile (1.1.5)
    fakeweb (1.3.0)
    git (1.2.5)
    happymapper (0.4.1)
      libxml-ruby (~> 2.0)
    jeweler (1.8.4)
      bundler (~> 1.0)
      git (>= 1.2.5)
      rake
      rdoc
    json (1.7.5)
    libxml-ruby (2.8.0)
    mattock (0.10.0)
      calibrate (~> 0.0.1)
      caliph (~> 0.3.1)
      rake (~> 10.0)
      tilt (> 0)
      valise (~> 1.1.1)
    mime-types (1.25.1)
    mini_portile (0.6.2)
    multi_json (1.11.2)
    nokogiri (1.6.6.2)
      mini_portile (~> 0.6.0)
    nokogiri-happymapper (0.5.9)
      nokogiri (~> 1.5)
    paint (0.8.7)
    rake (10.0.2)
    rdoc (3.12)
      json (~> 1.4)
    rest-client (1.6.9)
      mime-types (~> 1.16)
    rspec (2.12.0)
      rspec-core (~> 2.12.0)
      rspec-expectations (~> 2.12.0)
      rspec-mocks (~> 2.12.0)
    rspec-core (2.12.0)
    rspec-expectations (2.12.0)
      diff-lcs (~> 1.1.3)
    rspec-mocks (2.12.0)
    safe_yaml (1.0.4)
    simplecov (0.9.2)
      docile (~> 1.1.0)
      multi_json (~> 1.0)
      simplecov-html (~> 0.9.0)
    simplecov-html (0.9.0)
    simplecov-json (0.2)
      json
      simplecov
    tilt (2.0.1)
    valise (1.1.4)
    vcr (2.5.0)

PLATFORMS
  ruby

DEPENDENCIES
  corundum
  fakeweb
  jeweler
  lrd-pivotal-tracker!
  rake
  rspec
  vcr

BUNDLED WITH
   1.10.6
